GEM
  remote: https://rubygems.org/
  specs:
    activesupport (7.1.2)
      base64
      bigdecimal
      concurrent-ruby (~> 1.0, >= 1.0.2)
      connection_pool (>= 2.2.5)
      drb
      i18n (>= 1.6, < 2)
      minitest (>= 5.1)
      mutex_m
      tzinfo (~> 2.0)
    base64 (0.2.0)
    bigdecimal (3.1.5)
    concurrent-ruby (1.2.2)
    connection_pool (2.4.1)
    drb (2.2.0)
      ruby2_keywords
    i18n (1.14.1)
      concurrent-ruby (~> 1.0)
    kramdown (2.4.0)
      rexml
    kramdown-parser-gfm (1.1.0)
      kramdown (~> 2.0)
    minitest (5.20.0)
    mutex_m (0.2.0)
    rake (13.1.0)
    rexml (3.2.6)
    rouge (4.2.0)
    rss (0.3.0)
      rexml
    ruby2_keywords (0.0.5)
    tzinfo (2.0.6)
      concurrent-ruby (~> 1.0)
    webrick (1.7.0)
    zeitwerk (2.6.12)

PLATFORMS
  arm64-darwin-22
  x86_64-linux

DEPENDENCIES
  activesupport
  kramdown
  kramdown-parser-gfm
  minitest
  rake
  rouge
  rss
  webrick
  zeitwerk

BUNDLED WITH
   2.4.13
